GIT
  remote: git@github.com:square/activerecord_symbolize.git
  revision: 8949e2d3bf2a28037397f540c3cd317c478fde16
  ref: 8949e2d3bf2a28037397f540c3cd317c478fde16
  specs:
    symbolize (3.1.3)

GEM
  remote: https://rubygems.org/
  specs:
    SystemTimer (1.2.3)
    ZenTest (4.5.0)
    abstract (1.0.0)
    actionmailer (3.0.9)
      actionpack (= 3.0.9)
      mail (~> 2.2.19)
    actionpack (3.0.9)
      activemodel (= 3.0.9)
      activesupport (= 3.0.9)
      builder (~> 2.1.2)
      erubis (~> 2.6.6)
      i18n (~> 0.5.0)
      rack (~> 1.2.1)
      rack-mount (~> 0.6.14)
      rack-test (~> 0.5.7)
      tzinfo (~> 0.3.23)
    activemodel (3.0.9)
      activesupport (= 3.0.9)
      builder (~> 2.1.2)
      i18n (~> 0.5.0)
    activerecord (3.0.9)
      activemodel (= 3.0.9)
      activesupport (= 3.0.9)
      arel (~> 2.0.10)
      tzinfo (~> 0.3.23)
    activeresource (3.0.9)
      activemodel (= 3.0.9)
      activesupport (= 3.0.9)
    activesupport (3.0.9)
    arel (2.0.10)
    autotest (4.4.6)
      ZenTest (>= 4.4.1)
    autotest-fsevent (0.2.5)
      sys-uname
    builder (2.1.2)
    chunky_png (1.2.0)
    columnize (0.3.2)
    compass (0.11.3)
      chunky_png (~> 1.2)
      fssm (>= 0.2.7)
      sass (~> 3.1)
    diff-lcs (1.1.2)
    erubis (2.6.6)
      abstract (>= 1.0.0)
    fssm (0.2.7)
    haml (3.1.1)
    haml-rails (0.3.4)
      actionpack (~> 3.0)
      activesupport (~> 3.0)
      haml (~> 3.0)
      railties (~> 3.0)
    i18n (0.5.0)
    json (1.5.1)
    linecache (0.43)
    mail (2.2.19)
      activesupport (>= 2.3.6)
      i18n (>= 0.4.0)
      mime-types (~> 1.16)
      treetop (~> 1.4.8)
    mime-types (1.16)
    mysql2 (0.2.7)
    polyglot (0.3.1)
    rack (1.2.3)
    rack-mount (0.6.14)
      rack (>= 1.0.0)
    rack-test (0.5.7)
      rack (>= 1.0)
    rails (3.0.9)
      actionmailer (= 3.0.9)
      actionpack (= 3.0.9)
      activerecord (= 3.0.9)
      activeresource (= 3.0.9)
      activesupport (= 3.0.9)
      bundler (~> 1.0)
      railties (= 3.0.9)
    railties (3.0.9)
      actionpack (= 3.0.9)
      activesupport (= 3.0.9)
      rake (>= 0.8.7)
      rdoc (~> 3.4)
      thor (~> 0.14.4)
    rake (0.9.2)
    rdoc (3.6.1)
    redis (2.2.0)
    redis-namespace (1.0.3)
      redis (< 3.0.0)
    resque (1.17.1)
      json (>= 1.4.6, < 1.6)
      redis-namespace (~> 1.0.2)
      sinatra (>= 0.9.2)
      vegas (~> 0.1.2)
    resque-lock (0.1.1)
    resque-scheduler (1.9.9)
      redis (>= 2.0.1)
      resque (>= 1.8.0)
      rufus-scheduler
    rspec (2.6.0)
      rspec-core (~> 2.6.0)
      rspec-expectations (~> 2.6.0)
      rspec-mocks (~> 2.6.0)
    rspec-core (2.6.4)
    rspec-expectations (2.6.0)
      diff-lcs (~> 1.1.2)
    rspec-mocks (2.6.0)
    rspec-rails (2.6.1)
      actionpack (~> 3.0)
      activesupport (~> 3.0)
      railties (~> 3.0)
      rspec (~> 2.6.0)
    ruby-debug (0.10.4)
      columnize (>= 0.1)
      ruby-debug-base (~> 0.10.4.0)
    ruby-debug-base (0.10.4)
      linecache (>= 0.3)
    rufus-scheduler (2.0.9)
      tzinfo (>= 0.3.23)
    sass (3.1.3)
    sinatra (1.2.6)
      rack (~> 1.1)
      tilt (>= 1.2.2, < 2.0)
    sys-uname (0.8.5)
    thor (0.14.6)
    tilt (1.3.2)
    treetop (1.4.9)
      polyglot (>= 0.3.1)
    tzinfo (0.3.28)
    vegas (0.1.8)
      rack (>= 1.0.0)

PLATFORMS
  ruby

DEPENDENCIES
  SystemTimer
  autotest
  autotest-fsevent
  compass
  haml
  haml-rails
  mysql2 (>= 0.2, < 0.3)
  rails (= 3.0.9)
  resque
  resque-lock
  resque-scheduler
  rspec-rails
  ruby-debug
  sass
  symbolize!
